GEM
  remote: https://rubygems.org/
  specs:
    activesupport (7.0.3.1)
      concurrent-ruby (~> 1.0, >= 1.0.2)
      i18n (>= 1.6, < 2)
      minitest (>= 5.1)
      tzinfo (~> 2.0)
    coderay (1.1.3)
    concurrent-ruby (1.1.10)
    ethon (0.12.0)
      ffi (>= 1.3.0)
    fetch (0.0.5)
      typhoeus (>= 0.6.0)
    ffi (1.12.2)
    i18n (1.12.0)
      concurrent-ruby (~> 1.0)
    io-console (0.5.6)
    irb (1.2.4)
      reline (>= 0.0.1)
    json (2.3.0)
    method_source (1.0.0)
    minitest (5.16.2)
    parse (0.1.0)
      activesupport
      safe_yaml (>= 1)
    pry (0.13.1)
      coderay (~> 1.1)
      method_source (~> 1.0)
    rake (12.3.2)
    reline (0.1.4)
      io-console (~> 0.5)
    safe_yaml (1.0.5)
    typhoeus (1.4.0)
      ethon (>= 0.9.0)
    tzinfo (2.0.5)
      concurrent-ruby (~> 1.0)
    uri (0.10.0)
    url (0.3.2)

PLATFORMS
  ruby

DEPENDENCIES
  fetch (~> 0.0.5)
  irb (~> 1.2, >= 1.2.4)
  json (~> 2.3)
  parse (~> 0.1.0)
  pry (~> 0.13.1)
  rake (~> 12.0)
  uri (~> 0.10.0)
  url (~> 0.3.2)

BUNDLED WITH
   2.1.4
